PATH
  remote: .
  specs:
    wordling (0.1.0)
      lemmatizer

GEM
  remote: https://rubygems.org/
  specs:
    diff-lcs (1.5.1)
    lemmatizer (0.2.2)
    rake (13.2.1)
    rspec (3.13.0)
      rspec-core (~> 3.13.0)
      rspec-expectations (~> 3.13.0)
      rspec-mocks (~> 3.13.0)
    rspec-core (3.13.0)
      rspec-support (~> 3.13.0)
    rspec-expectations (3.13.0)
      diff-lcs (>= 1.2.0, < 2.0)
      rspec-support (~> 3.13.0)
    rspec-mocks (3.13.1)
      diff-lcs (>= 1.2.0, < 2.0)
      rspec-support (~> 3.13.0)
    rspec-support (3.13.1)

PLATFORMS
  x64-mingw-ucrt

DEPENDENCIES
  rake (~> 13.0)
  rspec (~> 3.0)
  wordling!

BUNDLED WITH
   2.4.19
